PATH
  remote: .
  specs:
    Pokemon_cli_app (0.1.0)

GEM
  remote: https://rubygems.org/
  specs:
    rake (12.3.3)

PLATFORMS
  ruby

DEPENDENCIES
  Pokemon_cli_app!
  rake (~> 12.0)

BUNDLED WITH
   2.1.1
